PATH
  remote: .
  specs:
    ezmetrics (2.0.0)
      hiredis (~> 0.6.3)
      oj (~> 3.10)
      redis (~> 4.0)

GEM
  remote: https://rubygems.org/
  specs:
    diff-lcs (1.3)
    hiredis (0.6.3)
    irb (1.1.0)
      reline (>= 0.0.1)
    oj (3.10.0)
    redis (4.1.3)
    reline (0.0.7)
    rspec (3.9.0)
      rspec-core (~> 3.9.0)
      rspec-expectations (~> 3.9.0)
      rspec-mocks (~> 3.9.0)
    rspec-core (3.9.0)
      rspec-support (~> 3.9.0)
    rspec-expectations (3.9.0)
      diff-lcs (>= 1.2.0, < 2.0)
      rspec-support (~> 3.9.0)
    rspec-mocks (3.9.0)
      diff-lcs (>= 1.2.0, < 2.0)
      rspec-support (~> 3.9.0)
    rspec-support (3.9.0)

PLATFORMS
  ruby

DEPENDENCIES
  ezmetrics!
  hiredis
  irb
  oj
  redis (~> 4.0)
  rspec (~> 3.5)

BUNDLED WITH
   1.17.3
