PATH
  remote: .
  specs:
    ezmetrics (3.0.2)
      hiredis (~> 0.6.3)
      oj (~> 3.10)
      redis (~> 4.0)

GEM
  remote: https://rubygems.org/
  specs:
    diff-lcs (1.3)
    hiredis (0.6.3)
    oj (3.10.2)
    redis (4.1.3)
    rspec (3.9.0)
      rspec-core (~> 3.9.0)
      rspec-expectations (~> 3.9.0)
      rspec-mocks (~> 3.9.0)
    rspec-core (3.9.1)
      rspec-support (~> 3.9.1)
    rspec-expectations (3.9.0)
      diff-lcs (>= 1.2.0, < 2.0)
      rspec-support (~> 3.9.0)
    rspec-mocks (3.9.1)
      diff-lcs (>= 1.2.0, < 2.0)
      rspec-support (~> 3.9.0)
    rspec-support (3.9.2)

PLATFORMS
  ruby

DEPENDENCIES
  ezmetrics!
  hiredis
  oj
  redis (~> 4.0)
  rspec (~> 3.5)

BUNDLED WITH
   1.17.3
