PATH
  remote: .
  specs:
    ezmetrics (1.0.5)
      redis (~> 4.0)

GEM
  remote: https://rubygems.org/
  specs:
    diff-lcs (1.3)
    redis (4.1.3)
    rspec (3.9.0)
      rspec-core (~> 3.9.0)
      rspec-expectations (~> 3.9.0)
      rspec-mocks (~> 3.9.0)
    rspec-core (3.9.0)
      rspec-support (~> 3.9.0)
    rspec-expectations (3.9.0)
      diff-lcs (>= 1.2.0, < 2.0)
      rspec-support (~> 3.9.0)
    rspec-mocks (3.9.0)
      diff-lcs (>= 1.2.0, < 2.0)
      rspec-support (~> 3.9.0)
    rspec-support (3.9.0)

PLATFORMS
  ruby

DEPENDENCIES
  ezmetrics!
  redis (~> 4.0)
  rspec (~> 3.5)

BUNDLED WITH
   1.17.3
